GEM
  remote: https://rubygems.org/
  specs:
    esa (1.8.0)
      faraday (~> 0.9)
      faraday_middleware
      mime-types (~> 2.6)
      multi_xml (~> 0.5.5)
    eventmachine (1.2.3)
    faraday (0.9.2)
      multipart-post (>= 1.2, < 3)
    faraday_middleware (0.11.0.1)
      faraday (>= 0.7.4, < 1.0)
    faye-websocket (0.9.2)
      eventmachine (>= 0.12.0)
      websocket-driver (>= 0.5.1)
    mime-types (2.99.3)
    multi_json (1.12.1)
    multi_xml (0.5.5)
    multipart-post (2.0.0)
    slack-api (1.2.4)
      faraday (>= 0.7, < 0.10)
      faraday_middleware (~> 0.8)
      faye-websocket (~> 0.9.2)
      multi_json (~> 1.0, >= 1.0.3)
    websocket-driver (0.6.5)
      websocket-extensions (>= 0.1.0)
    websocket-extensions (0.1.2)

PLATFORMS
  ruby

DEPENDENCIES
  esa
  slack-api

BUNDLED WITH
   1.14.4
